GEM
  remote: https://rubygems.org/
  specs:
    ast (2.4.1)
    colorize (0.8.1)
    jaro_winkler (1.5.4)
    mini_portile2 (2.4.0)
    nokogiri (1.10.10)
      mini_portile2 (~> 2.4.0)
    nokogiri (1.10.10-x64-mingw32)
      mini_portile2 (~> 2.4.0)
    open-uri (0.1.0)
    parallel (1.19.2)
    parser (2.7.1.4)
      ast (~> 2.4.1)
    rainbow (3.0.0)
    rexml (3.2.4)
    rubocop (0.81.0)
      jaro_winkler (~> 1.5.1)
      parallel (~> 1.10)
      parser (>= 2.7.0.1)
      rainbow (>= 2.2.2, < 4.0)
      rexml
      ruby-progressbar (~> 1.7)
      unicode-display_width (>= 1.4.0, < 2.0)
    ruby-progressbar (1.10.1)
    tty-font (0.5.0)
    unicode-display_width (1.7.0)

PLATFORMS
  ruby
  x64-mingw32

DEPENDENCIES
  colorize (~> 0.8.1)
  nokogiri
  open-uri
  rubocop (~> 0.81.0)
  tty-font

BUNDLED WITH
   2.1.4